PATH
  remote: .
  specs:
    locomotivecms_common (0.0.3)
      colorize

GEM
  remote: https://rubygems.org/
  specs:
    colorize (0.7.5)
    diff-lcs (1.2.5)
    rake (10.2.2)
    rspec (2.14.1)
      rspec-core (~> 2.14.0)
      rspec-expectations (~> 2.14.0)
      rspec-mocks (~> 2.14.0)
    rspec-core (2.14.8)
    rspec-expectations (2.14.5)
      diff-lcs (>= 1.1.3, < 2.0)
    rspec-mocks (2.14.6)

PLATFORMS
  ruby

DEPENDENCIES
  bundler (~> 1.5)
  locomotivecms_common!
  rake (~> 10.1)
  rspec (~> 2.14)
